GIT
  remote: git://github.com/basho/riak-ruby-client.git
  revision: 15a1fcb3cc5adf5365ae7d920cff8f13bc57743c
  ref: 15a1fcb3cc5adf5365ae7d920cff8f13bc57743c
  specs:
    riak-client (1.0.4)
      beefcake (~> 0.3.7)
      builder (>= 2.1.2)
      i18n (>= 0.4.0)
      multi_json (~> 1.0)

GIT
  remote: git://github.com/mark-moseley/linecache
  revision: 869c6a65155068415925067e480741bd0a71527e
  specs:
    linecache19 (0.5.12)
      ruby_core_source (>= 0.1.4)

GIT
  remote: git://github.com/seancribbs/ripple.git
  revision: c68106a8a431cbef6be1ad79a5080359a9f7f540
  ref: c68106a8a431cbef6be1ad79a5080359a9f7f540
  specs:
    ripple (1.0.0.beta2)
      activemodel (>= 3.0.0, < 3.3.0)
      activesupport (>= 3.0.0, < 3.3.0)
      riak-client (~> 1.0.0)
      tzinfo

PATH
  remote: .
  specs:
    ripple-encryption (0.1.0)
      riak-client
      ripple

GEM
  remote: https://rubygems.org/
  specs:
    activemodel (3.2.8)
      activesupport (= 3.2.8)
      builder (~> 3.0.0)
    activesupport (3.2.8)
      i18n (~> 0.6)
      multi_json (~> 1.0)
    archive-tar-minitar (0.5.2)
    beefcake (0.3.7)
    builder (3.0.0)
    columnize (0.3.6)
    i18n (0.6.0)
    mini_shoulda (0.5.0)
      minitest (> 2.1.0)
    minitest (3.3.0)
    multi_json (1.3.6)
    rake (0.9.2.2)
    ruby-debug-base19 (0.11.25)
      columnize (>= 0.3.1)
      linecache19 (>= 0.5.11)
      ruby_core_source (>= 0.1.4)
    ruby-debug-base19x (0.11.30.pre10)
      columnize (>= 0.3.1)
      linecache19 (>= 0.5.11)
      rake (>= 0.8.1)
      ruby_core_source (>= 0.1.4)
    ruby-debug19 (0.11.6)
      columnize (>= 0.3.1)
      linecache19 (>= 0.5.11)
      ruby-debug-base19 (>= 0.11.19)
    ruby_core_source (0.1.5)
      archive-tar-minitar (>= 0.5.2)
    tzinfo (0.3.33)

PLATFORMS
  ruby

DEPENDENCIES
  linecache19!
  mini_shoulda
  rake
  riak-client!
  ripple!
  ripple-encryption!
  ruby-debug-base19x (~> 0.11.30.pre4)
  ruby-debug19 (= 0.11.6)
