GIT
  remote: git://github.com/basho/ripple.git
  revision: 913806aa2942db5a3b61d1432d2c9be200338f50
  ref: 913806aa2942db5a3b61d1432d2c9be200338f50
  specs:
    ripple (1.0.0.beta2)
      activemodel (>= 3.0.0, < 3.3.0)
      activesupport (>= 3.0.0, < 3.3.0)
      riak-client (~> 1.1.0)
      tzinfo

PATH
  remote: .
  specs:
    ripple-encryption (0.0.4)
      rake
      riak-client
      ripple

GEM
  remote: https://rubygems.org/
  specs:
    activemodel (3.2.12)
      activesupport (= 3.2.12)
      builder (~> 3.0.0)
    activesupport (3.2.12)
      i18n (~> 0.6)
      multi_json (~> 1.0)
    beefcake (0.3.7)
    builder (3.0.4)
    columnize (0.3.6)
    debugger (1.6.1)
      columnize (>= 0.3.1)
      debugger-linecache (~> 1.2.0)
      debugger-ruby_core_source (~> 1.2.3)
    debugger-linecache (1.2.0)
    debugger-ruby_core_source (1.2.3)
    i18n (0.6.4)
    innertube (1.0.2)
    mini_shoulda (0.5.0)
      minitest (> 2.1.0)
    minitest (3.3.0)
    multi_json (1.6.1)
    rake (10.0.3)
    riak-client (1.1.1)
      beefcake (~> 0.3.7)
      builder (>= 2.1.2)
      i18n (>= 0.4.0)
      innertube (~> 1.0.2)
      multi_json (~> 1.0)
    ruby-prof (0.12.1)
    simplecov (0.7.1)
      multi_json (~> 1.0)
      simplecov-html (~> 0.7.1)
    simplecov-html (0.7.1)
    tzinfo (0.3.35)

PLATFORMS
  ruby

DEPENDENCIES
  debugger
  mini_shoulda
  riak-client (~> 1.1.1)
  ripple!
  ripple-encryption!
  ruby-prof
  simplecov
