GIT
  remote: git://github.com/basho/ripple.git
  revision: 913806aa2942db5a3b61d1432d2c9be200338f50
  ref: 913806aa2942db5a3b61d1432d2c9be200338f50
  specs:
    ripple (1.0.0.beta2)
      activemodel (>= 3.0.0, < 3.3.0)
      activesupport (>= 3.0.0, < 3.3.0)
      riak-client (~> 1.1.0)
      tzinfo

GIT
  remote: git://github.com/mark-moseley/linecache
  revision: 869c6a65155068415925067e480741bd0a71527e
  specs:
    linecache19 (0.5.12)
      ruby_core_source (>= 0.1.4)

PATH
  remote: .
  specs:
    ripple-encryption (0.0.3)
      riak-client
      ripple

GEM
  remote: https://rubygems.org/
  specs:
    activemodel (3.2.12)
      activesupport (= 3.2.12)
      builder (~> 3.0.0)
    activesupport (3.2.12)
      i18n (~> 0.6)
      multi_json (~> 1.0)
    archive-tar-minitar (0.5.2)
    beefcake (0.3.7)
    builder (3.0.4)
    columnize (0.3.6)
    i18n (0.6.4)
    innertube (1.0.2)
    mini_shoulda (0.5.0)
      minitest (> 2.1.0)
    minitest (3.3.0)
    multi_json (1.6.1)
    rake (0.9.2.2)
    riak-client (1.1.1)
      beefcake (~> 0.3.7)
      builder (>= 2.1.2)
      i18n (>= 0.4.0)
      innertube (~> 1.0.2)
      multi_json (~> 1.0)
    ruby-debug-base19 (0.11.25)
      columnize (>= 0.3.1)
      linecache19 (>= 0.5.11)
      ruby_core_source (>= 0.1.4)
    ruby-debug-base19x (0.11.30.pre10)
      columnize (>= 0.3.1)
      linecache19 (>= 0.5.11)
      rake (>= 0.8.1)
      ruby_core_source (>= 0.1.4)
    ruby-debug19 (0.11.6)
      columnize (>= 0.3.1)
      linecache19 (>= 0.5.11)
      ruby-debug-base19 (>= 0.11.19)
    ruby_core_source (0.1.5)
      archive-tar-minitar (>= 0.5.2)
    tzinfo (0.3.35)

PLATFORMS
  ruby

DEPENDENCIES
  linecache19!
  mini_shoulda
  rake
  riak-client (~> 1.1.1)
  ripple!
  ripple-encryption!
  ruby-debug-base19x (~> 0.11.30.pre4)
  ruby-debug19 (= 0.11.6)
